PATH
  remote: /Users/rolandg/Documents/rack-core-data
  specs:
    rack-core-data (0.0.2)
      activesupport (~> 3.2.6)
      nokogiri (~> 1.4)
      rack (~> 1.4)
      sequel (~> 3.37.0)
      sinatra (~> 1.3.2)

GEM
  remote: http://rubygems.org/
  specs:
    activesupport (3.2.8)
      i18n (~> 0.6)
      multi_json (~> 1.0)
    daemons (1.1.9)
    eventmachine (1.0.0)
    faker (1.1.2)
      i18n (~> 0.5)
    i18n (0.6.1)
    multi_json (1.3.7)
    nokogiri (1.5.5)
    pg (0.14.1)
    rack (1.4.1)
    rack-protection (1.2.0)
      rack
    sequel (3.37.0)
    sinatra (1.3.3)
      rack (~> 1.3, >= 1.3.6)
      rack-protection (~> 1.2)
      tilt (~> 1.3, >= 1.3.3)
    thin (1.5.0)
      daemons (>= 1.0.9)
      eventmachine (>= 0.12.6)
      rack (>= 1.0.0)
    tilt (1.3.3)

PLATFORMS
  ruby

DEPENDENCIES
  faker
  pg
  rack-core-data!
  sequel (= 3.37.0)
  thin
